GEM
  specs:
    byebug (9.0.4)

PLATFORMS
  ruby

DEPENDENCIES
  byebug

BUNDLED WITH
   1.11.2
